GEM
  remote: https://rubygems.org/
  specs:
    cinch (2.1.0)
    curb (0.8.5)
    redis (3.0.7)

PLATFORMS
  ruby

DEPENDENCIES
  cinch
  curb
  redis
